GIT
  remote: https://105eace562c26e605c4aaab6cbcbd719972b6a0b:x-oauth-basic@github.com/AdStage/spotdog.git
  revision: a9a7f807d08d59a0a0732a543ca66f5457b315dd
  branch: master
  specs:
    spotdog (1.0.0)
      aws-sdk (~> 2.1.15)
      dogapi
      thor

GEM
  remote: https://rubygems.org/
  specs:
    aws-sdk (2.1.36)
      aws-sdk-resources (= 2.1.36)
    aws-sdk-core (2.1.36)
      jmespath (~> 1.0)
    aws-sdk-resources (2.1.36)
      aws-sdk-core (= 2.1.36)
    dogapi (1.23.0)
      multi_json
    jmespath (1.3.1)
    multi_json (1.12.1)
    thor (0.19.1)

PLATFORMS
  ruby

DEPENDENCIES
  spotdog!

BUNDLED WITH
   1.13.1
