GEM
  remote: https://rubygems.org/
  specs:
    aws-sdk (2.1.36)
      aws-sdk-resources (= 2.1.36)
    aws-sdk-core (2.1.36)
      jmespath (~> 1.0)
    aws-sdk-resources (2.1.36)
      aws-sdk-core (= 2.1.36)
    dogapi (1.23.0)
      multi_json
    jmespath (1.3.1)
    multi_json (1.12.1)
    spotdog (0.2.1)
      aws-sdk (~> 2.1.15)
      dogapi
      thor
    thor (0.19.1)

PLATFORMS
  ruby

DEPENDENCIES
  spotdog

BUNDLED WITH
   1.13.1
